GEM
  remote: https://rubygems.org/
  specs:
    armor (0.0.3)
    cuba (3.3.0)
      rack
    cuba-contrib (3.1.0)
      cuba (~> 3.1)
    hiredis (0.6.0)
    mote (1.1.3)
    msgpack (0.5.10)
    nido (0.0.1)
    ohm (2.1.0)
      msgpack
      nido
      redic
    ohm-contrib (2.0.1)
      ohm (~> 2.0)
    rack (1.6.0)
    rack-protection (1.5.3)
      rack
    redic (1.3.0)
      hiredis
    shield (2.1.1)
      armor
    u2f (0.0.5)

PLATFORMS
  ruby

DEPENDENCIES
  cuba (= 3.3.0)
  cuba-contrib (= 3.1.0)
  mote (= 1.1.3)
  ohm (= 2.1.0)
  ohm-contrib (= 2.0.1)
  rack
  rack-protection (= 1.5.3)
  shield (= 2.1.1)
  u2f (= 0.0.5)
